GEM
  remote: https://rubygems.org/
  specs:
    activemodel (4.2.11.1)
      activesupport (= 4.2.11.1)
      builder (~> 3.1)
    activerecord (4.2.11.1)
      activemodel (= 4.2.11.1)
      activesupport (= 4.2.11.1)
      arel (~> 6.0)
    activesupport (4.2.11.1)
      i18n (~> 0.7)
      minitest (~> 5.1)
      thread_safe (~> 0.3, >= 0.3.4)
      tzinfo (~> 1.1)
    arel (6.0.4)
    backports (3.15.0)
    builder (3.2.3)
    concurrent-ruby (1.1.5)
    i18n (0.9.5)
      concurrent-ruby (~> 1.0)
    minitest (5.13.0)
    multi_json (1.14.1)
    mustermann (1.0.3)
    mysql2 (0.5.2)
    rack (2.0.7)
    rack-protection (2.0.7)
      rack
    rack-test (1.1.0)
      rack (>= 1.0, < 3)
    rdiscount (2.2.0.1)
    sinatra (2.0.7)
      mustermann (~> 1.0)
      rack (~> 2.0)
      rack-protection (= 2.0.7)
      tilt (~> 2.0)
    sinatra-activerecord (2.0.14)
      activerecord (>= 3.2)
      sinatra (>= 1.0)
    sinatra-contrib (2.0.7)
      backports (>= 2.8.2)
      multi_json
      mustermann (~> 1.0)
      rack-protection (= 2.0.7)
      sinatra (= 2.0.7)
      tilt (~> 2.0)
    sqlite3 (1.3.10)
    thread_safe (0.3.6)
    tilt (2.0.10)
    tzinfo (1.2.10)
      thread_safe (~> 0.1)
    yard (0.9.20)
    yard-sinatra (1.0.0)
      yard (~> 0.7)

PLATFORMS
  ruby

DEPENDENCIES
  activerecord (~> 4.2.11.1)
  minitest
  mysql2
  rack-test
  rdiscount
  sinatra
  sinatra-activerecord
  sinatra-contrib
  sqlite3 (= 1.3.10)
  yard-sinatra

RUBY VERSION
   ruby 2.5.7p206

BUNDLED WITH
   2.0.2
